GEM
  remote: https://rubygems.org/
  specs:
    ffi (1.9.25)
    levenshtein (0.2.2)
    levenshtein-ffi (1.1.0)
      ffi (~> 1.9)

PLATFORMS
  ruby

DEPENDENCIES
  levenshtein (~> 0.2.2)
  levenshtein-ffi (~> 1.1)

BUNDLED WITH
   1.16.2
